PATH
  remote: .
  specs:
    terrier_auth (0.1.4)
      amazing_print
      colorize
      ed25519
      http
      net-ssh
      ssh_data

GEM
  remote: https://rubygems.org/
  specs:
    addressable (2.8.7)
      public_suffix (>= 2.0.2, < 7.0)
    amazing_print (1.7.2)
    base64 (0.2.0)
    colorize (1.1.0)
    domain_name (0.6.20240107)
    ed25519 (1.3.0)
    ffi (1.17.1-arm64-darwin)
    ffi-compiler (1.3.2)
      ffi (>= 1.15.5)
      rake
    http (5.2.0)
      addressable (~> 2.8)
      base64 (~> 0.1)
      http-cookie (~> 1.0)
      http-form_data (~> 2.2)
      llhttp-ffi (~> 0.5.0)
    http-cookie (1.0.8)
      domain_name (~> 0.5)
    http-form_data (2.3.0)
    llhttp-ffi (0.5.0)
      ffi-compiler (~> 1.0)
      rake (~> 13.0)
    net-ssh (7.3.0)
    public_suffix (6.0.1)
    rake (13.2.1)
    ssh_data (2.0.0)
      base64 (~> 0.1)

PLATFORMS
  arm64-darwin

DEPENDENCIES
  terrier_auth!

BUNDLED WITH
   2.5.11
